PATH
  remote: .
  specs:
    delta_sharing (0.1.0)
      httparty (~> 0.21.0)
      red-arrow (~> 19.0)
      red-arrow-dataset (~> 19.0)
      red-parquet (~> 19.0)

GEM
  remote: https://rubygems.org/
  specs:
    addressable (2.8.7)
      public_suffix (>= 2.0.2, < 7.0)
    ast (2.4.3)
    bigdecimal (3.2.2)
    crack (1.0.0)
      bigdecimal
      rexml
    csv (3.3.5)
    extpp (0.1.1)
    fiddle (1.1.8)
    gio2 (4.2.9)
      fiddle
      gobject-introspection (= 4.2.9)
    glib2 (4.2.9)
      native-package-installer (>= 1.0.3)
      pkg-config (>= 1.3.5)
    gobject-introspection (4.2.9)
      glib2 (= 4.2.9)
    hashdiff (1.2.0)
    httparty (0.21.0)
      mini_mime (>= 1.0.0)
      multi_xml (>= 0.5.2)
    json (2.7.6)
    mini_mime (1.1.5)
    minitest (5.25.4)
    multi_xml (0.6.0)
    native-package-installer (1.1.9)
    parallel (1.24.0)
    parser (3.3.8.0)
      ast (~> 2.4.1)
      racc
    pkg-config (1.6.2)
    public_suffix (5.1.1)
    racc (1.8.1)
    rainbow (3.1.1)
    rake (13.3.0)
    red-arrow (19.0.1)
      bigdecimal (>= 3.1.0)
      csv
      extpp (>= 0.1.1)
      gio2 (>= 4.2.3)
      native-package-installer
      pkg-config
    red-arrow-dataset (19.0.1)
      red-arrow (= 19.0.1)
    red-parquet (19.0.1)
      red-arrow (= 19.0.1)
    regexp_parser (2.10.0)
    rexml (3.4.1)
    rubocop (1.50.2)
      json (~> 2.3)
      parallel (~> 1.10)
      parser (>= 3.2.0.0)
      rainbow (>= 2.2.2, < 4.0)
      regexp_parser (>= 1.8, < 3.0)
      rexml (>= 3.2.5, < 4.0)
      rubocop-ast (>= 1.28.0, < 2.0)
      ruby-progressbar (~> 1.7)
      unicode-display_width (>= 2.4.0, < 3.0)
    rubocop-ast (1.30.0)
      parser (>= 3.2.1.0)
    ruby-progressbar (1.13.0)
    unicode-display_width (2.6.0)
    webmock (3.25.1)
      addressable (>= 2.8.0)
      crack (>= 0.3.2)
      hashdiff (>= 0.4.0, < 2.0.0)

PLATFORMS
  x86_64-linux

DEPENDENCIES
  delta_sharing!
  minitest (~> 5.0)
  rake (~> 13.0)
  rubocop
  webmock (~> 3.18)

BUNDLED WITH
   2.2.32
